GEM
  remote: http://rubygems.org/
  specs:
    byebug (6.0.2)
    rack (1.5.5)

PLATFORMS
  ruby

DEPENDENCIES
  byebug
  rack (~> 1.5.2)
